PATH
  remote: .
  specs:
    asciidoctor-plantuml (0.0.13)
      asciidoctor (>= 1.5.6, < 3.0.0)

GEM
  remote: https://rubygems.org/
  specs:
    asciidoctor (2.0.12)
    ast (2.4.1)
    mini_portile2 (2.5.0)
    nokogiri (1.11.1)
      mini_portile2 (~> 2.5.0)
      racc (~> 1.4)
    parallel (1.20.1)
    parser (3.0.0.0)
      ast (~> 2.4.1)
    power_assert (1.1.4)
    racc (1.5.2)
    rainbow (3.0.0)
    rake (13.0.1)
    regexp_parser (2.0.3)
    rexml (3.2.4)
    rubocop (1.8.0)
      parallel (~> 1.10)
      parser (>= 3.0.0.0)
      rainbow (>= 2.2.2, < 4.0)
      regexp_parser (>= 1.8, < 3.0)
      rexml
      rubocop-ast (>= 1.2.0, < 2.0)
      ruby-progressbar (~> 1.7)
      unicode-display_width (>= 1.4.0, < 3.0)
    rubocop-ast (1.4.0)
      parser (>= 2.7.1.5)
    ruby-progressbar (1.11.0)
    test-unit (3.3.3)
      power_assert
    unicode-display_width (2.0.0)

PLATFORMS
  ruby

DEPENDENCIES
  asciidoctor-plantuml!
  bundler (~> 1.3)
  nokogiri (~> 1.6)
  rake (~> 13.0)
  rubocop (~> 1.7)
  test-unit (~> 3.3)

BUNDLED WITH
   1.17.3
